PATH
  remote: .
  specs:
    smservice (0.1.2)
      ffi-rzmq (~> 2.0)
      logger (~> 1.2)
      msgpack (~> 1.1)

GEM
  remote: https://rubygems.org/
  specs:
    diff-lcs (1.3)
    ffi (1.9.18)
    ffi-rzmq (2.0.5)
      ffi-rzmq-core (>= 1.0.6)
    ffi-rzmq-core (1.0.6)
      ffi
    logger (1.2.8)
    msgpack (1.1.0)
    rake (10.5.0)
    rspec (3.7.0)
      rspec-core (~> 3.7.0)
      rspec-expectations (~> 3.7.0)
      rspec-mocks (~> 3.7.0)
    rspec-core (3.7.0)
      rspec-support (~> 3.7.0)
    rspec-expectations (3.7.0)
      diff-lcs (>= 1.2.0, < 2.0)
      rspec-support (~> 3.7.0)
    rspec-mocks (3.7.0)
      diff-lcs (>= 1.2.0, < 2.0)
      rspec-support (~> 3.7.0)
    rspec-support (3.7.0)

PLATFORMS
  ruby

DEPENDENCIES
  bundler (~> 1.16)
  rake (~> 10.0)
  rspec (~> 3.0)
  smservice!

BUNDLED WITH
   1.16.0
